GIT
  remote: https://github.com/MeasureAuthoringTool/fhir-mongoid-models.git
  revision: ebe7cf9f153a8ea02af205b863c94fdb3a83fbaa
  branch: develop
  specs:
    fhir-mongoid-models (0.0.3)

PATH
  remote: .
  specs:
    cqm-parsers (0.2.1.1)
      activesupport (~> 5.2.1)
      builder (~> 3.1)
      erubis (~> 2.7.0)
      highline (~> 1.7.0)
      log4r (~> 1.1.10)
      memoist (~> 0.9.1)
      mongoid (~> 7.1.2)
      mongoid-tree (~> 2.1.0)
      mustache
      nokogiri (>= 1.8.5, < 1.11.0)
      rubyzip (~> 1.3)
      typhoeus
      uuid (~> 2.3.7)
      zip-zip (~> 0.3)

GEM
  remote: https://rubygems.org/
  specs:
    activemodel (5.2.4.3)
      activesupport (= 5.2.4.3)
    activesupport (5.2.4.3)
      concurrent-ruby (~> 1.0, >= 1.0.2)
      i18n (>= 0.7, < 2)
      minitest (~> 5.1)
      tzinfo (~> 1.1)
    addressable (2.7.0)
      public_suffix (>= 2.0.2, < 5.0)
    ansi (1.5.0)
    ast (2.4.1)
    awesome_print (1.8.0)
    bson (4.10.0)
    builder (3.2.4)
    bundler-audit (0.7.0.1)
      bundler (>= 1.2.0, < 3)
      thor (>= 0.18, < 2)
    byebug (6.0.2)
    cane (2.3.0)
      parallel
    codecov (0.2.5)
      colorize
      json
      simplecov
    coderay (1.1.3)
    colorize (0.8.1)
    concurrent-ruby (1.1.7)
    crack (0.4.3)
      safe_yaml (~> 1.0.0)
    docile (1.3.2)
    erubis (2.7.0)
    ethon (0.12.0)
      ffi (>= 1.3.0)
    factory_girl (4.1.0)
      activesupport (>= 3.0.0)
    ffi (1.13.1)
    hashdiff (1.0.1)
    highline (1.7.10)
    i18n (1.8.5)
      concurrent-ruby (~> 1.0)
    json (2.3.1)
    log4r (1.1.10)
    log_switch (1.0.0)
    macaddr (1.7.2)
      systemu (~> 2.6.5)
    memoist (0.9.3)
    method_source (0.9.2)
    mini_portile2 (2.4.0)
    minitest (5.14.1)
    minitest-reporters (1.4.2)
      ansi
      builder
      minitest (>= 5.0)
      ruby-progressbar
    mongo (2.13.0)
      bson (>= 4.8.2, < 5.0.0)
    mongoid (7.1.2)
      activemodel (>= 5.1, < 6.1)
      mongo (>= 2.7.0, < 3.0.0)
    mongoid-tree (2.1.1)
      mongoid (>= 4.0, < 8)
    mustache (1.1.1)
    nokogiri (1.10.10)
      mini_portile2 (~> 2.4.0)
    parallel (1.19.2)
    parser (2.7.2.0)
      ast (~> 2.4.1)
    powerpack (0.1.2)
    pry (0.12.2)
      coderay (~> 1.1.0)
      method_source (~> 0.9.0)
    pry-nav (0.3.0)
      pry (>= 0.9.10, < 0.13.0)
    public_suffix (4.0.5)
    rainbow (3.0.0)
    rake (13.0.1)
    rubocop (0.52.1)
      parallel (~> 1.10)
      parser (>= 2.4.0.2, < 3.0)
      powerpack (~> 0.1)
      rainbow (>= 2.2.2, < 4.0)
      ruby-progressbar (~> 1.7)
      unicode-display_width (~> 1.0, >= 1.0.1)
    ruby-progressbar (1.10.1)
    rubyzip (1.3.0)
    safe_yaml (1.0.5)
    simplecov (0.18.5)
      docile (~> 1.1)
      simplecov-html (~> 0.11)
    simplecov-html (0.12.2)
    sync (0.5.0)
    systemu (2.6.5)
    tailor (1.1.5)
      log_switch (>= 0.3.0)
      term-ansicolor (>= 1.0.5)
      text-table (>= 1.2.2)
    term-ansicolor (1.7.1)
      tins (~> 1.0)
    text-table (1.2.4)
    thor (1.0.1)
    thread_safe (0.3.6)
    tins (1.25.0)
      sync
    typhoeus (1.4.0)
      ethon (>= 0.9.0)
    tzinfo (1.2.7)
      thread_safe (~> 0.1)
    unicode-display_width (1.7.0)
    uuid (2.3.9)
      macaddr (~> 1.0)
    vcr (6.0.0)
    webmock (3.8.3)
      addressable (>= 2.3.6)
      crack (>= 0.3.2)
      hashdiff (>= 0.4.0, < 2.0.0)
    zip-zip (0.3)
      rubyzip (>= 1.0.0)

PLATFORMS
  ruby

DEPENDENCIES
  awesome_print
  bundler-audit
  byebug (~> 6.0.2)
  cane (~> 2.3.0)
  codecov
  cqm-parsers!
  factory_girl (~> 4.1.0)
  fhir-mongoid-models!
  minitest (~> 5.3)
  minitest-reporters
  mongoid (~> 7.1)
  pry
  pry-nav
  rake
  rubocop (~> 0.52.1)
  simplecov
  tailor (~> 1.1.2)
  vcr
  webmock

BUNDLED WITH
   2.1.4
